GEM
  remote: https://rubygems.org/
  specs:
    actioncable (7.1.0)
      actionpack (= 7.1.0)
      activesupport (= 7.1.0)
      nio4r (~> 2.0)
      websocket-driver (>= 0.6.1)
    actionpack (7.1.0)
      activesupport (= 7.1.0)
      rack (~> 2.2, >= 2.2.3)
      rack-test (>= 2.0.2)
      actionview (= 7.1.0)
      rack (~> 2.2)
    actionview (7.1.0)
      activesupport (= 7.1.0)
      builder (~> 3.1)
      erubi (~> 1.11)
    activejob (7.1.0)
      activesupport (= 7.1.0)
      globalid (>= 0.3.7)
    activemodel (7.1.0)
      activesupport (= 7.1.0)
    activerecord (7.1.0)
      activemodel (= 7.1.0)
      activesupport (= 7.1.0)
      tzinfo (~> 2.0)
    activestorage (7.1.0)
      actionpack (= 7.1.0)
      activerecord (= 7.1.0)
      marcel (~> 1.0)
      mini_mime (>= 1.1.0)
    activesupport (7.1.0)
      concurrent-ruby (~> 1.1)
      i18n (~> 1.8)
      minitest (~> 5.1)
      tzinfo (~> 2.0)
    aws-sdk-s3 (1.115.0)
      aws-sdk-core (~> 3)
      aws-sdk-kms (~> 1)
    bcrypt (~> 3.1.16)
    cancan (3.3.0)
    devise (4.9.0)
      bcrypt (~> 3.1.7)
      orm_adapter (~> 0.1)
      railties (>= 5.2.0)
      warden (~> 1.2.9)
    dotenv-rails (2.9.6)
      dotenv (~> 2.7)
      railties (>= 4.2, < 8)
    faker (3.1.0)
      i18n (>= 0.5, < 2)
    image_processing (1.14.0)
      mini_magick (~> 4.9)
    mini_magick (4.12.0)
    omniauth (2.0.4)
    omniauth-google-oauth2 (2.2.0)
      omniauth (~> 2.0)
      jwt (~> 2.6)
    pg (1.3.6)
    puma (6.1.0)
      nio4r (~> 2.0)
    redis (6.2.7)
    rspec-rails (6.0.0)
      rspec-core (~> 3.12)
      rspec-expectations (~> 3.12)
      rspec-mocks (~> 3.12)
      rspec-support (~> 3.12)
    sidekiq (7.0.0)
      connection_pool (~> 2.2)
    sidekiq-cron (1.2.0)
      sidekiq (>= 5.2)
      rufus-scheduler (~> 3.6)
    stripe (6.0.0)
      faraday (~> 2.0)
    turbolinks (5.2.1)
    tzinfo (2.0.5)
    web-console (4.2.0)
      actionview (>= 6.0)
      railties (>= 6.0)
      bindex (~> 0.8)
    webpacker (5.0.0)
      activesupport (>= 5.2)
      rack-proxy (~> 0.6.2)
      rails-dom-testing (~> 2.0)
    warden (1.2.9)
    websocket-driver (0.7.5)
      websocket-extensions (>= 0.1.0)
    websocket-extensions (0.1.5)

PLATFORMS
  ruby

DEPENDENCIES
  actioncable (= 7.1.0)
  aws-sdk-s3 (= 1.115.0)
  bcrypt (~> 3.1.16)
  cancan (= 3.3.0)
  devise (~> 4.9)
  dotenv-rails
  faker (~> 3.1)
  image_processing (~> 1.14)
  mini_magick (~> 4.12)
  omniauth-google-oauth2 (~> 2.2)
  pg (>= 1.3)
  puma (~> 6.0)
  redis (~> 6.2)
  rspec-rails (~> 6.0)
  sidekiq (~> 7.0)
  sidekiq-cron (~> 1.2)
  stripe (~> 6.0)
  turbolinks (~> 5.2)
  webpacker (~> 5.0)

BUNDLED WITH
   2.6.15
